GEM
  remote: https://rubygems.org/
  specs:
    io-console (0.5.9)
    irb (1.3.7)
      reline (>= 0.2.7)
    reline (0.2.7)
      io-console (~> 0.5)

PLATFORMS
  ruby

DEPENDENCIES
  irb (~> 1.3)

BUNDLED WITH
   2.1.4
